GEM
  remote: https://rubygems.org/
  specs:
    debugger-ruby_core_source (1.3.5)
    diff-lcs (1.2.5)
    rake (10.3.2)
    rspec (3.1.0)
      rspec-core (~> 3.1.0)
      rspec-expectations (~> 3.1.0)
      rspec-mocks (~> 3.1.0)
    rspec-core (3.1.7)
      rspec-support (~> 3.1.0)
    rspec-expectations (3.1.2)
      diff-lcs (>= 1.2.0, < 2.0)
      rspec-support (~> 3.1.0)
    rspec-mocks (3.1.3)
      rspec-support (~> 3.1.0)
    rspec-support (3.1.2)
    ruby-debug-base19x (0.11.30.pre15)
      debugger-ruby_core_source (> 0)
      rake (>= 0.8.1)
    ruby-debug-ide (0.4.23.beta1)
      rake (>= 0.8.1)

PLATFORMS
  ruby

DEPENDENCIES
  rspec
  ruby-debug-base19x
  ruby-debug-ide
